GEM
  remote: https://rubygems.org/
  specs:
    byebug (9.0.4)
    coderay (1.1.1)
    method_source (0.8.2)
    minitest (5.9.0)
    pry (0.10.3)
      coderay (~> 1.1.0)
      method_source (~> 0.8.1)
      slop (~> 3.4)
    pry-byebug (3.4.0)
      byebug (~> 9.0)
      pry (~> 0.10)
    puma (3.4.0)
    rack (1.6.4)
    rack-protection (1.5.3)
      rack
    rake (11.1.2)
    sinatra (1.4.7)
      rack (~> 1.5)
      rack-protection (~> 1.4)
      tilt (>= 1.3, < 3)
    slop (3.6.0)
    tilt (2.0.4)

PLATFORMS
  ruby

DEPENDENCIES
  minitest
  pry-byebug
  puma
  rake
  sinatra

BUNDLED WITH
   1.12.3
